GIT
  remote: git@github.com:Nakilon/nethttputils.git
  revision: 856f3a44f48c314ed3fdcf4532f7a7dd85ec31ef
  tag: v0.0.3.1
  specs:
    nethttputils (0.0.3.1)

GEM
  remote: https://rubygems.org/
  specs:
    json (2.1.0)
    reddit_bot (1.3.0)
      json

PLATFORMS
  ruby

DEPENDENCIES
  nethttputils!
  reddit_bot (~> 1.3.0)

BUNDLED WITH
   1.16.0
