GIT
  remote: https://gist.github.com/97549ceb58d21e1fcbc0e6cdaf92fce8.git
  revision: a5728a4745cf4479a3cc4a7742ca54fcb94955ab
  specs:
    net_http_utils (0.1)

GEM
  remote: https://rubygems.org/
  specs:
    json (2.1.0)
    reddit_bot (1.3.0)
      json

PLATFORMS
  ruby

DEPENDENCIES
  net_http_utils!
  reddit_bot (~> 1.3.0)

BUNDLED WITH
   1.13.5
