PATH
  remote: ../..
  specs:
    reddit_bot (1.0.0)
      json

GEM
  remote: https://rubygems.org/
  specs:
    json (1.8.3)

PLATFORMS
  ruby

DEPENDENCIES
  reddit_bot (~> 1.0)!

BUNDLED WITH
   1.11.2
