GEM
  remote: https://rubygems.org/
  specs:
    json (1.8.3)
    reddit_bot (0.1.0)

PLATFORMS
  ruby

DEPENDENCIES
  json
  reddit_bot

BUNDLED WITH
   1.11.2
