GEM
  remote: https://rubygems.org/
  specs:
    json (1.8.3)
    reddit_bot (0.1.3)
      json

PLATFORMS
  ruby

DEPENDENCIES
  json
  reddit_bot (= 0.1.3)

BUNDLED WITH
   1.11.2
