GEM
  remote: https://rubygems.org/
  specs:
    addressable (2.8.4)
      public_suffix (>= 2.0.2, < 6.0)
    json_pure (2.6.3)
    nethttputils (0.4.4.0)
      addressable
    public_suffix (4.0.7)
    reddit_bot (1.11.0)
      json_pure
      nethttputils (~> 0.4.4.0)

PLATFORMS
  ruby

DEPENDENCIES
  reddit_bot (~> 1.11.0)

BUNDLED WITH
   2.1.4
