GIT
  remote: git@github.com:nakilon/directlink.git
  revision: 653640a9d7e2fd9ec52e8fef58ff7916c568f63e
  specs:
    directlink (0.0.4.10)
      addressable
      fastimage (~> 2.1.3)
      kramdown
      nethttputils (~> 0.3.2.3)
      nokogiri
      reddit_bot (~> 1.7.0)

GIT
  remote: git@github.com:nakilon/gcplogger.git
  revision: 7c1451fac49bd0d242c6de43315ae6e9a70d8f7f
  tag: v0.1.1.0
  specs:
    gcplogger (0.1.1.0)
      google-cloud-logging (~> 1.4.0)
      public_suffix (~> 2.0)

GIT
  remote: git@github.com:nakilon/nethttputils.git
  revision: 818adfdc7ecd648fcacd82ad742e89c89e92b8ec
  specs:
    nethttputils (0.3.2.4)

GEM
  remote: https://rubygems.org/
  specs:
    addressable (2.6.0)
      public_suffix (>= 2.0.2, < 4.0)
    faraday (0.14.0)
      multipart-post (>= 1.2, < 3)
    fastimage (2.1.5)
    google-cloud-core (1.2.0)
      google-cloud-env (~> 1.0)
    google-cloud-env (1.0.1)
      faraday (~> 0.11)
    google-cloud-error_reporting (0.30.0)
      google-cloud-core (~> 1.2)
      google-gax (~> 1.0)
      stackdriver-core (~> 1.3)
    google-cloud-logging (1.4.0)
      google-cloud-core (~> 1.1)
      google-gax (~> 1.0)
      stackdriver-core (~> 1.2)
    google-gax (1.0.1)
      google-protobuf (~> 3.2)
      googleapis-common-protos (>= 1.3.5, < 2.0)
      googleauth (~> 0.6.2)
      grpc (>= 1.7.2, < 2.0)
      rly (~> 0.2.3)
    google-protobuf (3.5.1.2)
    googleapis-common-protos (1.3.7)
      google-protobuf (~> 3.0)
      googleapis-common-protos-types (~> 1.0)
      grpc (~> 1.0)
    googleapis-common-protos-types (1.0.1)
      google-protobuf (~> 3.0)
    googleauth (0.6.2)
      faraday (~> 0.12)
      jwt (>= 1.4, < 3.0)
      logging (~> 2.0)
      memoist (~> 0.12)
      multi_json (~> 1.11)
      os (~> 0.9)
      signet (~> 0.7)
    grpc (1.10.0)
      google-protobuf (~> 3.1)
      googleapis-common-protos-types (~> 1.0.0)
      googleauth (>= 0.5.1, < 0.7)
    json (2.1.0)
    jwt (2.1.0)
    kramdown (2.0.0)
    little-plugger (1.1.4)
    logging (2.2.2)
      little-plugger (~> 1.1)
      multi_json (~> 1.10)
    memoist (0.16.0)
    mini_portile2 (2.4.0)
    multi_json (1.13.1)
    multipart-post (2.0.0)
    nokogiri (1.10.1)
      mini_portile2 (~> 2.4.0)
    os (0.9.6)
    public_suffix (2.0.5)
    reddit_bot (1.7.1)
      json
      nethttputils (~> 0.3.2.0)
    rly (0.2.3)
    signet (0.8.1)
      addressable (~> 2.3)
      faraday (~> 0.9)
      jwt (>= 1.5, < 3.0)
      multi_json (~> 1.10)
    stackdriver-core (1.3.0)
      google-cloud-core (~> 1.2)

PLATFORMS
  ruby

DEPENDENCIES
  directlink!
  gcplogger!
  google-cloud-error_reporting
  json
  nethttputils!
  nokogiri

BUNDLED WITH
   1.17.1
