GIT
  remote: git@github.com:Nakilon/imgur2array.git
  revision: d210a3f9f537659a4830615db4261cc450ceb44f
  tag: v0.0.1.0
  specs:
    imgur2array (0.0.1.0)

GIT
  remote: git@github.com:Nakilon/nethttputils.git
  revision: 0c5e79842b8e89c12de4f44b2b41aef3e4614216
  tag: v0.0.2.0
  specs:
    nethttputils (0.0.2.0)

GEM
  remote: https://rubygems.org/
  specs:
    addressable (2.3.6)
    fastimage (1.7.0)
      addressable (~> 2.3, >= 2.3.5)
    json (2.1.0)
    mini_portile2 (2.1.0)
    nokogiri (1.6.8.1)
      mini_portile2 (~> 2.1.0)
    reddit_bot (1.4.0)
      json

PLATFORMS
  ruby

DEPENDENCIES
  fastimage (= 1.7.0)
  imgur2array!
  json
  nethttputils!
  nokogiri
  reddit_bot (~> 1.4.0)

BUNDLED WITH
   1.16.0
