GIT
  remote: git@github.com:nakilon/gcplogger.git
  revision: 465d6111e8ad325b05236e87e011cc8d5cbaaa93
  specs:
    gcplogger (0.1.1.1)
      google-cloud-logging (~> 1.4.0)
      public_suffix (~> 2.0)

GIT
  remote: git@github.com:nakilon/nethttputils.git
  revision: e6322cc0a11974787006b59927f1b65235349ade
  specs:
    nethttputils (0.4.1.0)
      addressable

GEM
  remote: https://rubygems.org/
  specs:
    addressable (2.7.0)
      public_suffix (>= 2.0.2, < 5.0)
    directlink (0.0.10.0)
      addressable
      fastimage (~> 2.2.0)
      kramdown
      nethttputils (~> 0.4.1.0)
      nokogiri
      reddit_bot (~> 1.8.0)
    faraday (0.14.0)
      multipart-post (>= 1.2, < 3)
    fastimage (2.2.2)
    google-cloud-core (1.2.0)
      google-cloud-env (~> 1.0)
    google-cloud-env (1.0.1)
      faraday (~> 0.11)
    google-cloud-error_reporting (0.30.0)
      google-cloud-core (~> 1.2)
      google-gax (~> 1.0)
      stackdriver-core (~> 1.3)
    google-cloud-logging (1.4.0)
      google-cloud-core (~> 1.1)
      google-gax (~> 1.0)
      stackdriver-core (~> 1.2)
    google-gax (1.0.1)
      google-protobuf (~> 3.2)
      googleapis-common-protos (>= 1.3.5, < 2.0)
      googleauth (~> 0.6.2)
      grpc (>= 1.7.2, < 2.0)
      rly (~> 0.2.3)
    google-protobuf (3.5.1.2)
    googleapis-common-protos (1.3.7)
      google-protobuf (~> 3.0)
      googleapis-common-protos-types (~> 1.0)
      grpc (~> 1.0)
    googleapis-common-protos-types (1.0.1)
      google-protobuf (~> 3.0)
    googleauth (0.6.2)
      faraday (~> 0.12)
      jwt (>= 1.4, < 3.0)
      logging (~> 2.0)
      memoist (~> 0.12)
      multi_json (~> 1.11)
      os (~> 0.9)
      signet (~> 0.7)
    grpc (1.10.0)
      google-protobuf (~> 3.1)
      googleapis-common-protos-types (~> 1.0.0)
      googleauth (>= 0.5.1, < 0.7)
    json (2.2.0)
    json_pure (2.5.1)
    jwt (2.1.0)
    kramdown (2.3.0)
      rexml
    little-plugger (1.1.4)
    logging (2.2.2)
      little-plugger (~> 1.1)
      multi_json (~> 1.10)
    memoist (0.16.0)
    mini_portile2 (2.4.0)
    multi_json (1.13.1)
    multipart-post (2.0.0)
    nokogiri (1.10.8)
      mini_portile2 (~> 2.4.0)
    os (0.9.6)
    public_suffix (2.0.5)
    reddit_bot (1.8.0)
      json_pure
      nethttputils (~> 0.4.1.0)
    rexml (3.2.4)
    rly (0.2.3)
    signet (0.8.1)
      addressable (~> 2.3)
      faraday (~> 0.9)
      jwt (>= 1.5, < 3.0)
      multi_json (~> 1.10)
    stackdriver-core (1.3.0)
      google-cloud-core (~> 1.2)

PLATFORMS
  ruby

DEPENDENCIES
  directlink (~> 0.0.10.0)
  gcplogger!
  google-cloud-error_reporting
  json
  nethttputils!
  nokogiri

BUNDLED WITH
   2.1.4
