GIT
  remote: git@github.com:Nakilon/gcplogger.git
  revision: 42483192d94dd0b3ee13809ef516718daf0f9b05
  tag: v0.0.1.1
  specs:
    gcplogger (0.0.1.1)
      google-cloud-logging

GIT
  remote: git@github.com:Nakilon/imgur2array.git
  revision: 70d91ea57bcc5c366fe9407d1e45536ed45e2395
  tag: v0.0.2.1
  specs:
    imgur2array (0.0.2.1)

GIT
  remote: git@github.com:Nakilon/nethttputils.git
  revision: 0c5e79842b8e89c12de4f44b2b41aef3e4614216
  tag: v0.0.2.0
  specs:
    nethttputils (0.0.2.0)

GEM
  remote: https://rubygems.org/
  specs:
    addressable (2.3.6)
    faraday (0.13.1)
      multipart-post (>= 1.2, < 3)
    fastimage (1.7.0)
      addressable (~> 2.3, >= 2.3.5)
    google-cloud-core (1.0.0)
      google-cloud-env (~> 1.0)
      googleauth (~> 0.5.1)
    google-cloud-env (1.0.1)
      faraday (~> 0.11)
    google-cloud-logging (1.2.3)
      google-cloud-core (~> 1.0)
      google-gax (~> 0.8.0)
      stackdriver-core (~> 1.2)
    google-gax (0.8.12)
      google-protobuf (~> 3.2)
      googleapis-common-protos (~> 1.3.5)
      googleauth (~> 0.5.1)
      grpc (~> 1.6.6)
      rly (~> 0.2.3)
    google-protobuf (3.4.1.1)
    googleapis-common-protos (1.3.7)
      google-protobuf (~> 3.0)
      googleapis-common-protos-types (~> 1.0)
      grpc (~> 1.0)
    googleapis-common-protos-types (1.0.1)
      google-protobuf (~> 3.0)
    googleauth (0.5.3)
      faraday (~> 0.12)
      jwt (~> 1.4)
      logging (~> 2.0)
      memoist (~> 0.12)
      multi_json (~> 1.11)
      os (~> 0.9)
      signet (~> 0.7)
    grpc (1.6.7)
      google-protobuf (~> 3.1)
      googleapis-common-protos-types (~> 1.0.0)
      googleauth (~> 0.5.1)
    json (2.1.0)
    jwt (1.5.6)
    little-plugger (1.1.4)
    logging (2.2.2)
      little-plugger (~> 1.1)
      multi_json (~> 1.10)
    memoist (0.16.0)
    mini_portile2 (2.1.0)
    multi_json (1.12.2)
    multipart-post (2.0.0)
    nokogiri (1.6.8.1)
      mini_portile2 (~> 2.1.0)
    os (0.9.6)
    reddit_bot (1.4.0)
      json
    rly (0.2.3)
    signet (0.8.1)
      addressable (~> 2.3)
      faraday (~> 0.9)
      jwt (>= 1.5, < 3.0)
      multi_json (~> 1.10)
    stackdriver-core (1.2.0)

PLATFORMS
  ruby

DEPENDENCIES
  fastimage (= 1.7.0)
  gcplogger!
  imgur2array!
  json
  nethttputils!
  nokogiri
  reddit_bot (~> 1.4.0)

BUNDLED WITH
   1.16.0
