GIT
  remote: git@github.com:Nakilon/nethttputils.git
  revision: 9e357649157955d0fc476b88966aa9a4435ff57a
  tag: v0.1.0.1
  specs:
    nethttputils (0.1.0.1)

GEM
  remote: https://rubygems.org/
  specs:
    json (2.1.0)
    reddit_bot (1.5.3)
      json

PLATFORMS
  ruby

DEPENDENCIES
  nethttputils!
  reddit_bot (~> 1.5.3)

BUNDLED WITH
   1.16.0
