GIT
  remote: https://github.com/nakilon/reddit_bot
  revision: 80ce08ffa7cdcf968767bd6a814d28d2d207394e
  specs:
    reddit_bot (1.9.0)
      json_pure
      nethttputils (~> 0.4.1.0)

GEM
  remote: https://rubygems.org/
  specs:
    addressable (2.8.0)
      public_suffix (>= 2.0.2, < 5.0)
    json_pure (2.5.1)
    nethttputils (0.4.1.3)
      addressable
    public_suffix (4.0.6)

PLATFORMS
  ruby

DEPENDENCIES
  reddit_bot (~> 1.9.0)!

BUNDLED WITH
   2.2.25
