GIT
  remote: git@github.com:Nakilon/nethttputils.git
  revision: 547dae5f3c6c893424b30498efa442e4d268b1b4
  tag: v0.1.0.0
  specs:
    nethttputils (0.1.0.0)

GEM
  remote: https://rubygems.org/
  specs:
    json (2.1.0)
    reddit_bot (1.5.2)
      json

PLATFORMS
  ruby

DEPENDENCIES
  nethttputils!
  reddit_bot (~> 1.5.2)

BUNDLED WITH
   1.16.0
