GIT
  remote: git@github.com:Nakilon/nethttputils.git
  revision: 10ae857b46a5db16e0193ca6e53cebbe2c499811
  tag: v0.0.1.4
  specs:
    nethttputils (0.0.1.4)

GEM
  remote: https://rubygems.org/
  specs:
    json (2.1.0)
    reddit_bot (1.3.1)
      json

PLATFORMS
  ruby

DEPENDENCIES
  nethttputils!
  reddit_bot

BUNDLED WITH
   1.15.4
