GEM
  remote: https://rubygems.org/
  specs:
    json (2.2.0)
    nethttputils (0.3.2.6)
    reddit_bot (1.7.1)
      json
      nethttputils (~> 0.3.2.0)

PLATFORMS
  ruby

DEPENDENCIES
  reddit_bot

BUNDLED WITH
   2.0.1
