GIT
  remote: git@github.com:nakilon/reddit_bot.git
  revision: 6d8faae96cc0070b60caf1262acb98a0a4e1b8c2
  specs:
    reddit_bot (1.9.0)
      json_pure
      nethttputils (~> 0.4.1.0)

GEM
  remote: https://rubygems.org/
  specs:
    addressable (2.8.0)
      public_suffix (>= 2.0.2, < 5.0)
    json_pure (2.5.1)
    nethttputils (0.4.1.3)
      addressable
    public_suffix (4.0.6)

PLATFORMS
  ruby

DEPENDENCIES
  reddit_bot (~> 1.9.0)!

BUNDLED WITH
   2.1.4
