GIT
  remote: https://gist.github.com/97549ceb58d21e1fcbc0e6cdaf92fce8.git
  revision: 54c47ab3f9665f3e35a8e94fdd267e3743c736a9
  specs:
    net_http_utils (0)

GEM
  remote: https://rubygems.org/
  specs:
    addressable (2.4.0)
    fastimage (1.7.0)
      addressable (~> 2.3, >= 2.3.5)
    json (2.0.2)
    reddit_bot (1.1.8)
      json

PLATFORMS
  ruby

DEPENDENCIES
  fastimage (= 1.7.0)
  net_http_utils (= 0)!
  reddit_bot (~> 1.1.5)

BUNDLED WITH
   1.13.1
