GEM
  remote: https://rubygems.org/
  specs:
    addressable (2.4.0)
    fastimage (1.7.0)
      addressable (~> 2.3, >= 2.3.5)
    json (2.0.2)
    reddit_bot (1.1.8)
      json

PLATFORMS
  ruby

DEPENDENCIES
  fastimage (= 1.7.0)
  reddit_bot (~> 1.1.5)

BUNDLED WITH
   1.12.0
