PATH
  remote: ../..
  specs:
    reddit_bot (1.0.1)
      json

GEM
  remote: https://rubygems.org/
  specs:
    addressable (2.4.0)
    fastimage (1.7.0)
      addressable (~> 2.3, >= 2.3.5)
    json (1.8.3)

PLATFORMS
  ruby

DEPENDENCIES
  fastimage (= 1.7.0)
  reddit_bot (~> 1.0)!

BUNDLED WITH
   1.11.2
