GIT
  remote: https://github.com/nakilon/gcplogger.git
  revision: 465d6111e8ad325b05236e87e011cc8d5cbaaa93
  specs:
    gcplogger (0.1.1.1)
      google-cloud-logging (~> 1.4.0)
      public_suffix (~> 2.0)

GEM
  remote: https://rubygems.org/
  specs:
    addressable (2.5.2)
      public_suffix (>= 2.0.2, < 4.0)
    faraday (0.17.4)
      multipart-post (>= 1.2, < 3)
    google-cloud-core (1.3.2)
      google-cloud-env (~> 1.0)
    google-cloud-env (1.2.1)
      faraday (~> 0.11)
    google-cloud-logging (1.4.0)
      google-cloud-core (~> 1.1)
      google-gax (~> 1.0)
      stackdriver-core (~> 1.2)
    google-gax (1.7.1)
      google-protobuf (~> 3.2)
      googleapis-common-protos (>= 1.3.5, < 2.0)
      googleauth (>= 0.6.2, < 0.10.0)
      grpc (>= 1.7.2, < 2.0)
      rly (~> 0.2.3)
    google-protobuf (3.17.3)
    googleapis-common-protos (1.3.11)
      google-protobuf (~> 3.14)
      googleapis-common-protos-types (>= 1.0.6, < 2.0)
      grpc (~> 1.27)
    googleapis-common-protos-types (1.1.0)
      google-protobuf (~> 3.14)
    googleauth (0.9.0)
      faraday (~> 0.12)
      jwt (>= 1.4, < 3.0)
      memoist (~> 0.16)
      multi_json (~> 1.11)
      os (>= 0.9, < 2.0)
      signet (~> 0.7)
    grpc (1.35.0)
      google-protobuf (~> 3.14)
      googleapis-common-protos-types (~> 1.0)
    json_pure (2.5.1)
    jwt (1.5.6)
    memoist (0.16.2)
    multi_json (1.15.0)
    multipart-post (2.1.1)
    nethttputils (0.4.1.3)
      addressable
    os (1.1.1)
    public_suffix (2.0.5)
    reddit_bot (1.9.0)
      json_pure
      nethttputils (~> 0.4.1.0)
    rly (0.2.3)
    signet (0.11.0)
      addressable (~> 2.3)
      faraday (~> 0.9)
      jwt (>= 1.5, < 3.0)
      multi_json (~> 1.10)
    stackdriver-core (1.3.4)
      google-cloud-core (~> 1.2)

PLATFORMS
  ruby

DEPENDENCIES
  gcplogger!
  jwt (< 2)
  reddit_bot (~> 1.9.0)

BUNDLED WITH
   2.1.4
