GIT
  remote: git@github.com:Nakilon/imgur2array.git
  revision: b592275b5db58c6c199c55202655ace66b6ae7ce
  tag: v0.0.2.6
  specs:
    imgur2array (0.0.2.6)

GIT
  remote: git@github.com:Nakilon/nethttputils.git
  revision: 84ac32db6d44b68f5bd6e2f1ce8698fc5e2ad968
  tag: v0.0.4.1
  specs:
    nethttputils (0.0.4.1)

GEM
  remote: https://rubygems.org/
  specs:
    addressable (2.5.2)
      public_suffix (>= 2.0.2, < 4.0)
    fastimage (1.7.0)
      addressable (~> 2.3, >= 2.3.5)
    json (2.1.0)
    public_suffix (2.0.5)

PLATFORMS
  ruby

DEPENDENCIES
  fastimage (= 1.7.0)
  imgur2array!
  json
  nethttputils!

BUNDLED WITH
   1.16.0
