GIT
  remote: git@github.com:Nakilon/imgur2array.git
  revision: 36a7186275e99755d97f1b06c9fa823b464f19bc
  tag: v0.0.2.4
  specs:
    imgur2array (0.0.2.3)

GIT
  remote: git@github.com:Nakilon/nethttputils.git
  revision: ba87328cb42ffa7183366ba7da38defe1915fa7a
  tag: v0.0.4.0
  specs:
    nethttputils (0.0.4.0)

GEM
  remote: https://rubygems.org/
  specs:
    addressable (2.5.2)
      public_suffix (>= 2.0.2, < 4.0)
    fastimage (1.7.0)
      addressable (~> 2.3, >= 2.3.5)
    json (2.1.0)
    public_suffix (2.0.5)

PLATFORMS
  ruby

DEPENDENCIES
  fastimage (= 1.7.0)
  imgur2array!
  json
  nethttputils!

BUNDLED WITH
   1.16.0
