GIT
  remote: git@github.com:Nakilon/imgur2array.git
  revision: 70d91ea57bcc5c366fe9407d1e45536ed45e2395
  tag: v0.0.2.1
  specs:
    imgur2array (0.0.2.1)

GIT
  remote: git@github.com:Nakilon/nethttputils.git
  revision: 856f3a44f48c314ed3fdcf4532f7a7dd85ec31ef
  tag: v0.0.3.1
  specs:
    nethttputils (0.0.3.1)

GEM
  remote: https://rubygems.org/
  specs:
    addressable (2.5.2)
      public_suffix (>= 2.0.2, < 4.0)
    fastimage (1.7.0)
      addressable (~> 2.3, >= 2.3.5)
    json (2.1.0)
    public_suffix (2.0.5)

PLATFORMS
  ruby

DEPENDENCIES
  fastimage (= 1.7.0)
  imgur2array!
  json
  nethttputils!

BUNDLED WITH
   1.16.0
