GIT
  remote: git@github.com:Nakilon/nethttputils.git
  revision: 5642bf7ecde4b3ecc55423b9ea9957828a9cb2f9
  tag: v0.0.1.1
  specs:
    nethttputils (0.0.1.1)

GEM
  remote: https://rubygems.org/
  specs:
    json (2.1.0)
    reddit_bot (1.3.0)
      json

PLATFORMS
  ruby

DEPENDENCIES
  nethttputils!
  reddit_bot (~> 1.3.0)

BUNDLED WITH
   1.13.1
