GIT
  remote: https://gist.github.com/97549ceb58d21e1fcbc0e6cdaf92fce8.git
  revision: 54c47ab3f9665f3e35a8e94fdd267e3743c736a9
  specs:
    net_http_utils (0)

GEM
  remote: https://rubygems.org/
  specs:
    json (2.1.0)
    reddit_bot (1.3.0)
      json

PLATFORMS
  ruby

DEPENDENCIES
  net_http_utils (= 0)!
  reddit_bot (~> 1.3.0)

BUNDLED WITH
   1.13.1
