GEM
  remote: https://rubygems.org/
  specs:
    addressable (2.7.0)
      public_suffix (>= 2.0.2, < 5.0)
    directlink (0.0.8.7)
      addressable
      fastimage (~> 2.1.3)
      kramdown
      nethttputils (~> 0.3.3.0)
      nokogiri
      reddit_bot (~> 1.7.0)
    fastimage (2.1.7)
    json (2.3.0)
    kramdown (2.1.0)
    mini_portile2 (2.4.0)
    nethttputils (0.3.3.0)
    nokogiri (1.10.4)
      mini_portile2 (~> 2.4.0)
    public_suffix (2.0.5)
    reddit_bot (1.7.3)
      json
      nethttputils (~> 0.3.3.0)

PLATFORMS
  ruby

DEPENDENCIES
  directlink
  nokogiri (~> 1.10.4)
  public_suffix (< 3.0)

BUNDLED WITH
   2.0.2
