GEM
  remote: https://rubygems.org/
  specs:
    addressable (2.5.2)
      public_suffix (>= 2.0.2, < 4.0)
    directlink (0.0.4.7)
      addressable
      fastimage (~> 2.1.3)
      kramdown
      nokogiri
      reddit_bot (~> 1.6.13)
    fastimage (2.1.5)
    json (2.1.0)
    kramdown (1.17.0)
    mini_portile2 (2.4.0)
    nethttputils (0.2.5.1)
    nokogiri (1.10.4)
      mini_portile2 (~> 2.4.0)
    public_suffix (2.0.5)
    reddit_bot (1.6.13)
      json
      nethttputils (~> 0.2.5.1)

PLATFORMS
  ruby

DEPENDENCIES
  directlink
  nokogiri (~> 1.10.4)
  public_suffix (< 3.0)

BUNDLED WITH
   2.0.2
