GEM
  remote: https://rubygems.org/
  specs:
    json (2.0.2)
    reddit_bot (1.2.0)
      json

PLATFORMS
  ruby

DEPENDENCIES
  reddit_bot (~> 1.2.0)

BUNDLED WITH
   1.13.1
