GIT
  remote: git@github.com:Nakilon/nethttputils.git
  revision: ba87328cb42ffa7183366ba7da38defe1915fa7a
  tag: v0.0.4.0
  specs:
    nethttputils (0.0.4.0)

GEM
  remote: https://rubygems.org/
  specs:
    json (2.1.0)
    reddit_bot (1.3.0)
      json

PLATFORMS
  ruby

DEPENDENCIES
  nethttputils!
  reddit_bot (~> 1.3.0)

BUNDLED WITH
   1.16.0
