GIT
  remote: git@github.com:Nakilon/nethttputils.git
  revision: 84ac32db6d44b68f5bd6e2f1ce8698fc5e2ad968
  tag: v0.0.4.1
  specs:
    nethttputils (0.0.4.1)

GEM
  remote: https://rubygems.org/
  specs:
    json (2.3.1)
    reddit_bot (1.3.0)
      json

PLATFORMS
  ruby

DEPENDENCIES
  nethttputils!
  reddit_bot (~> 1.3.0)

BUNDLED WITH
   1.16.0
