GEM
  remote: https://rubygems.org/
  specs:
    json (2.0.2)
    reddit_bot (1.1.8)
      json

PLATFORMS
  ruby

DEPENDENCIES
  reddit_bot (~> 1.1.5)

BUNDLED WITH
   1.12.5
