GEM
  remote: https://rubygems.org/
  specs:
    json (1.8.3)
    reddit_bot (1.0.0)
      json

PLATFORMS
  ruby

DEPENDENCIES
  reddit_bot

BUNDLED WITH
   1.11.2
