GEM
  remote: https://rubygems.org/
  specs:
    json (2.1.0)
    reddit_bot (1.3.0)
      json

PLATFORMS
  ruby

DEPENDENCIES
  reddit_bot (~> 1.3.0)

BUNDLED WITH
   1.13.1
