GEM
  remote: https://rubygems.org/
  specs:
    json (2.3.1)
    nethttputils (0.2.5.1)
    reddit_bot (1.6.10)
      json
      nethttputils (~> 0.2.5.1)

PLATFORMS
  ruby

DEPENDENCIES
  reddit_bot

BUNDLED WITH
   1.17.1
