GEM
  remote: https://rubygems.org/
  specs:
    json (2.3.1)
    reddit_bot (1.1.5)
      json

PLATFORMS
  ruby

DEPENDENCIES
  reddit_bot (= 1.1.5)

BUNDLED WITH
   1.12.3
