GIT
  remote: https://github.com/nakilon/reddit_bot
  revision: e84e3fbcec3d303bc196fd2d1aa2f4bde4b0eca8
  specs:
    reddit_bot (1.9.0)
      json_pure
      nethttputils (~> 0.4.1.0)

GEM
  remote: https://rubygems.org/
  specs:
    addressable (2.8.0)
      public_suffix (>= 2.0.2, < 5.0)
    json_pure (2.5.1)
    nethttputils (0.4.1.3)
      addressable
    public_suffix (4.0.6)

PLATFORMS
  ruby

DEPENDENCIES
  reddit_bot!

BUNDLED WITH
   2.1.4
